GIT
  remote: https://github.com/modelcontextprotocol/ruby-sdk.git
  revision: 784b8b85481098c15887189ed8e8cfb4c5a67852
  ref: 784b8b85481098c15887189ed8e8cfb4c5a67852
  specs:
    model_context_protocol (0.7.0)
      json_rpc_handler (~> 0.1)

GEM
  remote: https://rubygems.org/
  specs:
    base64 (0.2.0)
    json_rpc_handler (0.1.1)
    logger (1.7.0)
    mustermann (3.0.3)
      ruby2_keywords (~> 0.0.1)
    nio4r (2.7.4)
    puma (6.6.0)
      nio4r (~> 2.0)
    rack (3.1.14)
    rack-protection (4.1.1)
      base64 (>= 0.1.0)
      logger (>= 1.6.0)
      rack (>= 3.0.0, < 4)
    rack-session (2.1.1)
      base64 (>= 0.1.0)
      rack (>= 3.0.0)
    rackup (2.2.1)
      rack (>= 3)
    rake (13.2.1)
    ruby2_keywords (0.0.5)
    sinatra (4.1.1)
      logger (>= 1.6.0)
      mustermann (~> 3.0)
      rack (>= 3.0.0, < 4)
      rack-protection (= 4.1.1)
      rack-session (>= 2.0.0, < 3)
      tilt (~> 2.0)
    tilt (2.6.0)

PLATFORMS
  arm64-darwin-24
  ruby

DEPENDENCIES
  model_context_protocol!
  puma (~> 6.6)
  rackup (~> 2.2)
  rake (~> 13.2)
  sinatra (~> 4.1)

BUNDLED WITH
   2.6.7
